PATH
  remote: .
  specs:
    liquid-ext (3.5.4)
      activesupport
      erubis
      jmx4r
      mixlib-cli
      multi_json
      telegraf

GEM
  remote: http://rubygems.org/
  specs:
    activesupport (6.0.3.2)
      concurrent-ruby (~> 1.0, >= 1.0.2)
      i18n (>= 0.7, < 2)
      minitest (~> 5.1)
      tzinfo (~> 1.1)
      zeitwerk (~> 2.2, >= 2.2.2)
    ast (2.4.0)
    awesome_print (1.8.0)
    axiom-types (0.1.1)
      descendants_tracker (~> 0.0.4)
      ice_nine (~> 0.11.0)
      thread_safe (~> 0.3, >= 0.3.1)
    bond (0.5.1)
    bond (0.5.1-java)
    brice (0.4.1)
      nuggets (~> 1.4)
    cane (3.0.0)
      parallel
    codeclimate-engine-rb (0.4.1)
      virtus (~> 1.0)
    coderay (1.1.2)
    coercible (1.0.0)
      descendants_tracker (~> 0.0.1)
    concurrent-ruby (1.1.7)
    descendants_tracker (0.0.4)
      thread_safe (~> 0.3, >= 0.3.1)
    diff-lcs (1.3)
    docile (1.1.5)
    equalizer (0.0.11)
    erubis (2.7.0)
    ffi (1.9.21-java)
    fuubar (2.3.1)
      rspec-core (~> 3.0)
      ruby-progressbar (~> 1.4)
    hirb (0.7.3)
    i18n (1.8.5)
      concurrent-ruby (~> 1.0)
    ice_nine (0.11.2)
    influxdb (0.8.0)
    jmx4r (0.1.4)
    json (2.3.1)
    json (2.3.1-java)
    liquid-development (0.2.1)
      awesome_print
      bond
      brice
      cane
      fuubar
      hirb
      pry
      rake
      reek
      rib
      ripl
      rspec
      simplecov
      tailor
      timecop
      yard
    log_switch (0.3.0)
    method_source (0.9.0)
    mini_portile2 (2.3.0)
    minitest (5.14.1)
    mixlib-cli (2.1.8)
    multi_json (1.15.0)
    nokogiri (1.8.2)
      mini_portile2 (~> 2.3.0)
    nokogiri (1.8.2-java)
    nuggets (1.5.0)
    parallel (1.12.1)
    parser (2.4.0.2)
      ast (~> 2.3)
    pry (0.11.3)
      coderay (~> 1.1.0)
      method_source (~> 0.9.0)
    pry (0.11.3-java)
      coderay (~> 1.1.0)
      method_source (~> 0.9.0)
      spoon (~> 0.0)
    rainbow (2.2.2)
      rake
    rake (12.3.0)
    reek (4.7.3)
      codeclimate-engine-rb (~> 0.4.0)
      parser (>= 2.4.0.0, < 2.5)
      rainbow (~> 2.0)
    rib (1.5.4)
    ripl (0.7.1)
      bond (~> 0.5.1)
    rspec (3.7.0)
      rspec-core (~> 3.7.0)
      rspec-expectations (~> 3.7.0)
      rspec-mocks (~> 3.7.0)
    rspec-core (3.7.1)
      rspec-support (~> 3.7.0)
    rspec-expectations (3.7.0)
      diff-lcs (>= 1.2.0, < 2.0)
      rspec-support (~> 3.7.0)
    rspec-mocks (3.7.0)
      diff-lcs (>= 1.2.0, < 2.0)
      rspec-support (~> 3.7.0)
    rspec-support (3.7.1)
    ruby-progressbar (1.9.0)
    simplecov (0.15.1)
      docile (~> 1.1.0)
      json (>= 1.8, < 3)
      simplecov-html (~> 0.10.0)
    simplecov-html (0.10.2)
    spoon (0.0.6)
      ffi
    tailor (1.4.1)
      log_switch (~> 0.3.0)
      nokogiri (>= 1.6.0)
      term-ansicolor (>= 1.0.5)
      text-table (>= 1.2.2)
    telegraf (0.7.0)
      influxdb
    term-ansicolor (1.6.0)
      tins (~> 1.0)
    text-table (1.2.4)
    thread_safe (0.3.6)
    thread_safe (0.3.6-java)
    timecop (0.9.1)
    tins (1.16.3)
    tzinfo (1.2.7)
      thread_safe (~> 0.1)
    virtus (1.0.5)
      axiom-types (~> 0.1)
      coercible (~> 1.0)
      descendants_tracker (~> 0.0, >= 0.0.3)
      equalizer (~> 0.0, >= 0.0.9)
    yard (0.9.12)
    zeitwerk (2.4.0)

PLATFORMS
  java
  ruby

DEPENDENCIES
  liquid-development
  liquid-ext!

BUNDLED WITH
   1.17.3
