PATH
  remote: .
  specs:
    liquid-ext (2.0.0)
      activesupport
      erubis
      liquid-logging (>= 2.0.0)
      mixlib-cli
      terminal-table

GEM
  remote: http://rubygems.org/
  specs:
    activesupport (4.0.2)
      i18n (~> 0.6, >= 0.6.4)
      minitest (~> 4.2)
      multi_json (~> 1.3)
      thread_safe (~> 0.1)
      tzinfo (~> 0.3.37)
    atomic (1.1.14-java)
    awesome_print (1.2.0)
    bond (0.4.3-java)
    brice (0.2.9)
      ruby-nuggets (>= 0.5.2)
    cane (2.6.1)
      parallel
    coderay (1.1.0)
    columnize (0.3.6)
    diff-lcs (1.2.5)
    docile (1.1.2)
    erubis (2.7.0)
    ffi (1.9.3-java)
    fuubar (1.3.2)
      rspec (>= 2.14.0, < 3.1.0)
      ruby-progressbar (~> 1.3)
    i18n (0.6.9)
    liquid-development (0.1.2)
      awesome_print
      brice
      cane
      fuubar
      pry
      rake
      reek
      ripl
      rspec
      ruby-debug
      simplecov
      tailor
      timecop
      yard
    liquid-logging (2.0.1-java)
      log4jruby (~> 1.0.0.rc1)
      slyphon-log4j (~> 1.2.15)
    lock_jar (0.7.5)
      naether (~> 0.10.1)
      thor (~> 0.18.1)
    log4jruby (1.0.0.rc1-java)
    log_switch (0.4.0)
    method_source (0.8.2)
    mini_portile (0.5.2)
    minitest (4.7.5)
    mixlib-cli (1.4.0)
    multi_json (1.8.4)
    naether (0.10.1-java)
    nokogiri (1.6.1-java)
      mini_portile (~> 0.5.0)
    parallel (0.9.2)
    pry (0.9.12.6-java)
      coderay (~> 1.0)
      method_source (~> 0.8)
      slop (~> 3.4)
      spoon (~> 0.0)
    rake (10.1.1)
    reek (1.3.6)
      ruby2ruby (~> 2.0.7)
      ruby_parser (~> 3.2)
      sexp_processor
    ripl (0.7.0)
      bond (~> 0.4.2)
    rspec (2.14.1)
      rspec-core (~> 2.14.0)
      rspec-expectations (~> 2.14.0)
      rspec-mocks (~> 2.14.0)
    rspec-core (2.14.7)
    rspec-expectations (2.14.4)
      diff-lcs (>= 1.1.3, < 2.0)
    rspec-mocks (2.14.4)
    ruby-debug (0.10.4)
      columnize (>= 0.1)
      ruby-debug-base (~> 0.10.4.0)
    ruby-debug-base (0.10.4-java)
    ruby-nuggets (0.9.6)
    ruby-progressbar (1.4.1)
    ruby2ruby (2.0.7)
      ruby_parser (~> 3.1)
      sexp_processor (~> 4.0)
    ruby_parser (3.3.0)
      sexp_processor (~> 4.1)
    sexp_processor (4.4.1)
    simplecov (0.8.2)
      docile (~> 1.1.0)
      multi_json
      simplecov-html (~> 0.8.0)
    simplecov-html (0.8.0)
    slop (3.4.7)
    slyphon-log4j (1.2.15)
    spoon (0.0.4)
      ffi
    tailor (1.4.0)
      log_switch (>= 0.3.0)
      nokogiri (>= 1.6.0)
      term-ansicolor (>= 1.0.5)
      text-table (>= 1.2.2)
    term-ansicolor (1.2.2)
      tins (~> 0.8)
    terminal-table (1.4.5)
    text-table (1.2.3)
    thor (0.18.1)
    thread_safe (0.1.3-java)
      atomic
    timecop (0.7.1)
    tins (0.13.1)
    tzinfo (0.3.38)
    yard (0.8.7.3)

PLATFORMS
  java

DEPENDENCIES
  liquid-development
  liquid-ext!
  lock_jar
